PATH
  remote: .
  specs:
    motion-tidy (0.2.1)
      motion-cocoapods (>= 1.0.2)

GEM
  remote: https://rubygems.org/
  specs:
    cocoapods (0.5.1)
      xcodeproj (~> 0.1.0)
    motion-cocoapods (1.0.4)
      cocoapods (>= 0.5.1)
    xcodeproj (0.1.0)

PLATFORMS
  ruby

DEPENDENCIES
  motion-tidy!
